GEM
  remote: http://rubygems.org/
  specs:
    tilt (2.0.0)

PLATFORMS
  java

DEPENDENCIES
  tilt
